PATH
  remote: .
  specs:
    gumath (0.2.0dev6)
      ndtypes (>= 0.2.0dev5)
      xnd (>= 0.2.0dev5)

GEM
  remote: https://rubygems.org/
  specs:
    byebug (10.0.2)
    coderay (1.1.2)
    method_source (0.9.0)
    minitest (5.11.3)
    ndtypes (0.2.0dev6)
    pry (0.11.3)
      coderay (~> 1.1.0)
      method_source (~> 0.9.0)
    pry-byebug (3.6.0)
      byebug (~> 10.0)
      pry (~> 0.10)
    rake (12.3.1)
    rake-compiler (1.0.5)
      rake
    xnd (0.2.0dev7)
      ndtypes (>= 0.2.0dev6)

PLATFORMS
  ruby

DEPENDENCIES
  gumath!
  minitest (~> 5.11)
  pry
  pry-byebug
  rake-compiler

BUNDLED WITH
   1.16.2
